PATH
  remote: .
  specs:
    adk-ruby (0.1.0)
      google-cloud-ai_platform

GEM
  remote: https://rubygems.org/
  specs:
    addressable (2.8.7)
      public_suffix (>= 2.0.2, < 7.0)
    base64 (0.3.0)
    bigdecimal (3.2.2)
    faraday (2.13.4)
      faraday-net_http (>= 2.0, < 3.5)
      json
      logger
    faraday-net_http (3.4.1)
      net-http (>= 0.5.0)
    faraday-retry (2.3.2)
      faraday (~> 2.0)
    gapic-common (1.0.1)
      faraday (>= 1.9, < 3.a)
      faraday-retry (>= 1.0, < 3.a)
      google-cloud-env (~> 2.2)
      google-logging-utils (~> 0.1)
      google-protobuf (>= 3.25, < 5.a)
      googleapis-common-protos (~> 1.6)
      googleapis-common-protos-types (~> 1.15)
      googleauth (~> 1.12)
      grpc (~> 1.66)
    google-cloud-ai_platform (2.0.1)
      google-cloud-ai_platform-v1 (~> 1.0)
      google-cloud-core (~> 1.6)
    google-cloud-ai_platform-v1 (1.19.0)
      gapic-common (~> 1.0)
      google-cloud-errors (~> 1.0)
      google-cloud-location (~> 1.0)
      google-iam-v1 (~> 1.3)
    google-cloud-core (1.8.0)
      google-cloud-env (>= 1.0, < 3.a)
      google-cloud-errors (~> 1.0)
    google-cloud-env (2.3.1)
      base64 (~> 0.2)
      faraday (>= 1.0, < 3.a)
    google-cloud-errors (1.5.0)
    google-cloud-location (1.1.0)
      gapic-common (~> 1.0)
      google-cloud-errors (~> 1.0)
    google-iam-v1 (1.4.0)
      gapic-common (~> 1.0)
      google-cloud-errors (~> 1.0)
      grpc-google-iam-v1 (~> 1.11)
    google-logging-utils (0.2.0)
    google-protobuf (4.31.1)
      bigdecimal
      rake (>= 13)
    google-protobuf (4.31.1-x86_64-linux-gnu)
      bigdecimal
      rake (>= 13)
    googleapis-common-protos (1.7.0)
      google-protobuf (>= 3.18, < 5.a)
      googleapis-common-protos-types (~> 1.7)
      grpc (~> 1.41)
    googleapis-common-protos-types (1.20.0)
      google-protobuf (>= 3.18, < 5.a)
    googleauth (1.14.0)
      faraday (>= 1.0, < 3.a)
      google-cloud-env (~> 2.2)
      google-logging-utils (~> 0.1)
      jwt (>= 1.4, < 3.0)
      multi_json (~> 1.11)
      os (>= 0.9, < 2.0)
      signet (>= 0.16, < 2.a)
    grpc (1.74.0)
      google-protobuf (>= 3.25, < 5.0)
      googleapis-common-protos-types (~> 1.0)
    grpc (1.74.0-x86_64-linux-gnu)
      google-protobuf (>= 3.25, < 5.0)
      googleapis-common-protos-types (~> 1.0)
    grpc-google-iam-v1 (1.11.0)
      google-protobuf (>= 3.18, < 5.a)
      googleapis-common-protos (~> 1.7.0)
      grpc (~> 1.41)
    io-console (0.5.11)
    irb (1.4.1)
      reline (>= 0.3.0)
    json (2.13.2)
    jwt (2.10.2)
      base64
    logger (1.7.0)
    multi_json (1.17.0)
    net-http (0.6.0)
      uri
    os (1.1.4)
    public_suffix (6.0.2)
    rake (13.2.1)
    reline (0.3.0)
      io-console (~> 0.5)
    signet (0.20.0)
      addressable (~> 2.8)
      faraday (>= 0.17.5, < 3.a)
      jwt (>= 1.5, < 3.0)
      multi_json (~> 1.10)
    uri (1.0.3)

PLATFORMS
  ruby
  x86_64-linux-gnu

DEPENDENCIES
  adk-ruby!
  google-cloud-ai_platform
  irb
  rake (~> 13.0)

BUNDLED WITH
   2.6.9
